FRAMEWORK: NET45
NUGET
  remote: https://www.nuget.org/api/v2
    FParsec (1.0.2)
    FSharp.Core (3.1.2.5)
    Infers (0.2.3)
      FSharp.Core (>= 3.1.2.5)
    Infers.Rep (0.2.3)
      FSharp.Core (>= 3.1.2.5)
      Infers (>= 0.2.3)
    PPrint (2.0)
      FSharp.Core (>= 3.1.2.5)
